GIT
  remote: git://github.com/CocoaPods/CLAide.git
  revision: b1eccc296b68b1a432e42ecf0c4b799d8551c75c
  specs:
    claide (0.7.0)

GIT
  remote: git://github.com/CocoaPods/CocoaPods.git
  revision: deeb4fde44807cfde987f960bd5ce2b0f2ad08e2
  branch: swift
  specs:
    cocoapods (0.35.0)
      activesupport (>= 3.2.15)
      claide (~> 0.7.0)
      cocoapods-core (= 0.35.0)
      cocoapods-downloader (~> 0.8.0)
      cocoapods-plugins (~> 0.3.1)
      cocoapods-trunk (~> 0.4.1)
      cocoapods-try (~> 0.4.2)
      colored (~> 1.2)
      escape (~> 0.0.4)
      molinillo (~> 0.1.2)
      nap (~> 0.8)
      open4 (~> 1.3)
      xcodeproj (~> 0.20.2)

GIT
  remote: git://github.com/CocoaPods/Core.git
  revision: c9c91c5296067ebf5af122ed87580e9f0479b47c
  specs:
    cocoapods-core (0.35.0)
      activesupport (>= 3.2.15)
      fuzzy_match (~> 2.0.4)
      nap (~> 0.8.0)

GIT
  remote: git://github.com/CocoaPods/Xcodeproj.git
  revision: 768a22894fbdb3fc8dd22d8322fd76c612a06f36
  specs:
    xcodeproj (0.20.2)
      activesupport (>= 3)
      colored (~> 1.2)

GEM
  remote: https://rubygems.org/
  specs:
    activesupport (4.1.8)
      i18n (~> 0.6, >= 0.6.9)
      json (~> 1.7, >= 1.7.7)
      minitest (~> 5.1)
      thread_safe (~> 0.1)
      tzinfo (~> 1.1)
    cocoapods-downloader (0.8.0)
    cocoapods-plugins (0.3.2)
      nap
    cocoapods-trunk (0.4.1)
      nap (>= 0.8)
      netrc (= 0.7.8)
    cocoapods-try (0.4.2)
    colored (1.2)
    escape (0.0.4)
    fuzzy_match (2.0.4)
    i18n (0.6.11)
    json (1.8.1)
    minitest (5.5.0)
    molinillo (0.1.2)
    nap (0.8.0)
    netrc (0.7.8)
    open4 (1.3.4)
    thread_safe (0.3.4)
    tzinfo (1.2.2)
      thread_safe (~> 0.1)

PLATFORMS
  ruby

DEPENDENCIES
  claide!
  cocoapods!
  cocoapods-core!
  xcodeproj!
